GEM
  remote: https://rubygems.org/
  specs:
    daemons (1.1.9)
    directory_watcher (1.4.1)
    eventmachine (1.0.3)
    mini_portile (0.5.1)
    mustache (0.99.4)
    nokogiri (1.6.0)
      mini_portile (~> 0.5.0)
    rack (1.5.2)
    redcarpet (2.3.0)
    ruhoh (2.2)
      directory_watcher (~> 1.4.0)
      mustache (~> 0.99)
      nokogiri (~> 1.5)
      rack (~> 1.4)
      redcarpet (~> 2.1)
    thin (1.5.1)
      daemons (>= 1.0.9)
      eventmachine (>= 0.12.6)
      rack (>= 1.0.0)

PLATFORMS
  ruby

DEPENDENCIES
  rack
  ruhoh
  thin
